PATH
  remote: .
  specs:
    crabgrass_media (0.0.1)
      activesupport (~> 3.2)

GEM
  remote: https://rubygems.org/
  specs:
    activesupport (3.2.22)
      i18n (~> 0.6, >= 0.6.4)
      multi_json (~> 1.0)
    byebug (5.0.0)
      columnize (= 0.9.0)
    columnize (0.9.0)
    i18n (0.7.0)
    minitest (4.7.5)
    multi_json (1.11.2)
    rake (10.4.2)

PLATFORMS
  ruby

DEPENDENCIES
  byebug
  crabgrass_media!
  debugger
  minitest (~> 4.7)
  rake (~> 10.0)
